GEM
  remote: http://rubygems.org/
  specs:
    abstract (1.0.0)
    actionmailer (3.0.15)
      actionpack (= 3.0.15)
      mail (~> 2.2.19)
    actionpack (3.0.15)
      activemodel (= 3.0.15)
      activesupport (= 3.0.15)
      builder (~> 2.1.2)
      erubis (~> 2.6.6)
      i18n (~> 0.5.0)
      rack (~> 1.2.5)
      rack-mount (~> 0.6.14)
      rack-test (~> 0.5.7)
      tzinfo (~> 0.3.23)
    activemodel (3.0.15)
      activesupport (= 3.0.15)
      builder (~> 2.1.2)
      i18n (~> 0.5.0)
    activerecord (3.0.15)
      activemodel (= 3.0.15)
      activesupport (= 3.0.15)
      arel (~> 2.0.10)
      tzinfo (~> 0.3.23)
    activeresource (3.0.15)
      activemodel (= 3.0.15)
      activesupport (= 3.0.15)
    activesupport (3.0.15)
    addressable (2.2.8)
    arel (2.0.10)
    builder (2.1.2)
    capybara (1.1.2)
      mime-types (>= 1.16)
      nokogiri (>= 1.3.3)
      rack (>= 1.0.0)
      rack-test (>= 0.5.4)
      selenium-webdriver (~> 2.0)
      xpath (~> 0.1.4)
    childprocess (0.3.3)
      ffi (~> 1.0.6)
    erubis (2.6.6)
      abstract (>= 1.0.0)
    ffi (1.0.11)
    i18n (0.5.0)
    json (1.7.3)
    libwebsocket (0.1.4)
      addressable
    mail (2.2.19)
      activesupport (>= 2.3.6)
      i18n (>= 0.4.0)
      mime-types (~> 1.16)
      treetop (~> 1.4.8)
    mime-types (1.19)
    multi_json (1.3.6)
    nokogiri (1.5.5)
    polyglot (0.3.3)
    rack (1.2.5)
    rack-mount (0.6.14)
      rack (>= 1.0.0)
    rack-test (0.5.7)
      rack (>= 1.0)
    rails (3.0.15)
      actionmailer (= 3.0.15)
      actionpack (= 3.0.15)
      activerecord (= 3.0.15)
      activeresource (= 3.0.15)
      activesupport (= 3.0.15)
      bundler (~> 1.0)
      railties (= 3.0.15)
    railties (3.0.15)
      actionpack (= 3.0.15)
      activesupport (= 3.0.15)
      rake (>= 0.8.7)
      rdoc (~> 3.4)
      thor (~> 0.14.4)
    rake (0.9.2.2)
    rdoc (3.12)
      json (~> 1.4)
    rubyzip (0.9.9)
    selenium-webdriver (2.25.0)
      childprocess (>= 0.2.5)
      libwebsocket (~> 0.1.3)
      multi_json (~> 1.0)
      rubyzip
    sqlite3 (1.3.6)
    thor (0.14.6)
    treetop (1.4.10)
      polyglot
      polyglot (>= 0.3.1)
    tzinfo (0.3.33)
    xpath (0.1.4)
      nokogiri (~> 1.3)

PLATFORMS
  ruby

DEPENDENCIES
  capybara (>= 0.4.0)
  rails (= 3.0.15)
  sqlite3
